PATH
  remote: .
  specs:
    cube (1.4.1)
      savon
      webmock

GEM
  remote: http://rubygems.org/
  specs:
    addressable (2.2.8)
    akami (1.0.0)
      gyoku (>= 0.4.0)
    builder (3.0.0)
    crack (0.3.1)
    diff-lcs (1.1.3)
    gyoku (0.4.4)
      builder (>= 2.1.2)
    httpi (0.9.7)
      rack
    nokogiri (1.5.0)
    nori (1.1.0)
    rack (1.4.1)
    rspec (2.8.0)
      rspec-core (~> 2.8.0)
      rspec-expectations (~> 2.8.0)
      rspec-mocks (~> 2.8.0)
    rspec-core (2.8.0)
    rspec-expectations (2.8.0)
      diff-lcs (~> 1.1.2)
    rspec-mocks (2.8.0)
    savon (0.9.9)
      akami (~> 1.0)
      builder (>= 2.1.2)
      gyoku (>= 0.4.0)
      httpi (~> 0.9)
      nokogiri (>= 1.4.0)
      nori (~> 1.1)
      wasabi (~> 2.1)
    vcr (1.11.3)
    wasabi (2.1.0)
      nokogiri (>= 1.4.0)
    webmock (1.8.7)
      addressable (>= 2.2.7)
      crack (>= 0.1.7)

PLATFORMS
  java
  ruby

DEPENDENCIES
  bundler (>= 1.0.0)
  cube!
  rspec (~> 2.8.0)
  vcr
